GEM
  remote: https://rubygems.org/
  specs:
    activemodel (6.0.3.5)
      activesupport (= 6.0.3.5)
    activerecord (6.0.3.5)
      activemodel (= 6.0.3.5)
      activesupport (= 6.0.3.5)
    activesupport (6.0.3.5)
      concurrent-ruby (~> 1.0, >= 1.0.2)
      i18n (>= 0.7, < 2)
      minitest (~> 5.1)
      tzinfo (~> 1.1)
      zeitwerk (~> 2.2, >= 2.2.2)
    backports (3.15.0)
    concurrent-ruby (1.1.8)
    daemons (1.3.1)
    eventmachine (1.2.7)
    httparty (0.17.0)
      mime-types (~> 3.0)
      multi_xml (>= 0.5.2)
    i18n (1.8.9)
      concurrent-ruby (~> 1.0)
    mime-types (3.2.2)
      mime-types-data (~> 3.2015)
    mime-types-data (3.2019.0331)
    mini_portile2 (2.4.0)
    minitest (5.14.4)
    multi_json (1.13.1)
    multi_xml (0.6.0)
    mustermann (1.0.3)
    mysql2 (0.5.2)
    nokogiri (1.10.4)
      mini_portile2 (~> 2.4.0)
    rack (2.0.7)
    rack-protection (2.0.5)
      rack
    rake (13.0.0)
    sinatra (2.0.5)
      mustermann (~> 1.0)
      rack (~> 2.0)
      rack-protection (= 2.0.5)
      tilt (~> 2.0)
    sinatra-contrib (2.0.5)
      backports (>= 2.8.2)
      multi_json
      mustermann (~> 1.0)
      rack-protection (= 2.0.5)
      sinatra (= 2.0.5)
      tilt (>= 1.3, < 3)
    thin (1.7.2)
      daemons (~> 1.0, >= 1.0.9)
      eventmachine (~> 1.0, >= 1.0.4)
      rack (>= 1, < 3)
    thread_safe (0.3.6)
    tilt (2.0.9)
    tzinfo (1.2.9)
      thread_safe (~> 0.1)
    zeitwerk (2.4.2)

PLATFORMS
  ruby

DEPENDENCIES
  activerecord (~> 6.0)
  httparty (~> 0.17.0)
  mysql2 (~> 0.5.2)
  nokogiri (~> 1.10)
  rake (~> 13.0)
  sinatra (~> 2.0)
  sinatra-contrib (~> 2.0)
  thin (~> 1.7)

BUNDLED WITH
   2.0.1
